GEM
  remote: http://rubygems.org/
  specs:
    mynyml-redgreen (0.7.1)
      term-ansicolor (>= 1.0.4)
    term-ansicolor (1.0.7)
    watchr (0.7)

PLATFORMS
  ruby

DEPENDENCIES
  mynyml-redgreen
  watchr
