GEM
  remote: http://rubygems.org/
  specs:
    active_support (3.0.0)
      activesupport (= 3.0.0)
    activesupport (3.0.0)
    contest (0.1.3)
    i18n (0.6.4)
    observr (1.0.5)
    rake (10.0.3)
    rr (1.0.4)
    test-unit (2.5.4)

PLATFORMS
  ruby

DEPENDENCIES
  active_support
  contest
  i18n
  observr
  rake
  rr
  test-unit
